STORAGE: NONE
RESTRICTION: == net9.0
NUGET
  remote: https://api.nuget.org/v3/index.json
    Autofac (8.2)
      System.Diagnostics.DiagnosticSource (>= 8.0.1)
    JetBrains.Annotations (2024.3)
    System.Diagnostics.DiagnosticSource (9.0.2)
    System.Reactive (6.0.1)
    System.Reactive.Linq (6.0.1)
      System.Reactive (>= 6.0.1)
      System.Threading.Tasks.Extensions (>= 4.5.4)
    System.Threading.Tasks.Extensions (4.6)
    YamlDotNet (16.3)
