STORAGE: NONE
RESTRICTION: == net8.0
NUGET
  remote: https://api.nuget.org/v3/index.json
    ColorMineStandard (1.0)
    Coroutine (2.1.5)
    MonoGame.Content.Builder.Task (3.8.2.1105)
    MonoGame.Framework.DesktopGL (3.8.2.1105)
      MonoGame.Library.SDL (>= 2.26.5.5)
      NVorbis (>= 0.10.4)
    MonoGame.Library.SDL (2.30.7.1)
    Newtonsoft.Json (13.0.3)
    NVorbis (0.10.5)
      System.Memory (>= 4.5.3)
      System.ValueTuple (>= 4.5)
    SadConsole (10.5)
      Coroutine (>= 2.1.5)
      Newtonsoft.Json (>= 13.0.3)
      TheSadRogue.Primitives (>= 1.6.0-rc3)
    SadConsole.Extended (10.5)
      ColorMineStandard (>= 1.0)
      SadConsole (>= 10.5)
      System.Text.Encoding.CodePages (>= 6.0)
    SadConsole.Host.MonoGame (10.5)
      SadConsole (>= 10.5)
    System.Memory (4.6)
    System.Text.Encoding.CodePages (9.0.2)
    System.ValueTuple (4.5)
    TheSadRogue.Primitives (1.6.0-rc3-debug)
