STORAGE: NONE
RESTRICTION: == net9.0
NUGET
  remote: https://api.nuget.org/v3/index.json
    Autofac (8.2)
      System.Diagnostics.DiagnosticSource (>= 8.0.1)
    JetBrains.Annotations (2024.3)
    System.Diagnostics.DiagnosticSource (9.0.2)
    System.Reactive (6.0.1)
    System.Reactive.Linq (6.0.1)
      System.Reactive (>= 6.0.1)
      System.Threading.Tasks.Extensions (>= 4.5.4)
    System.Threading.Tasks.Extensions (4.6)
    YamlDotNet (16.3)

GROUP _Test
STORAGE: NONE
RESTRICTION: == net9.0
NUGET
  remote: https://api.nuget.org/v3/index.json
    Castle.Core (5.2.1)
      System.Diagnostics.EventLog (>= 6.0)
    FluentAssertions (8.2)
    Microsoft.CodeCoverage (17.13)
    Microsoft.NET.Test.Sdk (17.13)
      Microsoft.CodeCoverage (>= 17.13)
      Microsoft.TestPlatform.TestHost (>= 17.13)
    Microsoft.TestPlatform.ObjectModel (17.13)
      System.Reflection.Metadata (>= 1.6)
    Microsoft.TestPlatform.TestHost (17.13)
      Microsoft.TestPlatform.ObjectModel (>= 17.13)
      Newtonsoft.Json (>= 13.0.1)
    Moq (4.20.72)
      Castle.Core (>= 5.1.1)
    Newtonsoft.Json (13.0.3)
    System.Diagnostics.EventLog (9.0.4)
    System.Reflection.Metadata (9.0.4)
    xunit (2.9.3)
      xunit.analyzers (>= 1.18)
      xunit.assert (>= 2.9.3)
      xunit.core (2.9.3)
    xunit.abstractions (2.0.3)
    xunit.analyzers (1.21)
    xunit.assert (2.9.3)
    xunit.core (2.9.3)
      xunit.extensibility.core (2.9.3)
      xunit.extensibility.execution (2.9.3)
    xunit.extensibility.core (2.9.3)
      xunit.abstractions (>= 2.0.3)
    xunit.extensibility.execution (2.9.3)
      xunit.extensibility.core (2.9.3)
    xunit.runner.visualstudio (3.0.2)
